GEM
  remote: http://rubygems.org/
  specs:
    coderay (1.1.1)
    method_source (0.8.2)
    pry (0.10.4)
      coderay (~> 1.1.0)
      method_source (~> 0.8.1)
      slop (~> 3.4)
    pry-nav (0.2.4)
      pry (>= 0.9.10, < 0.11.0)
    prybaby (0.0.2.2)
    require_all (1.3.3)
    slop (3.6.0)

PLATFORMS
  ruby

DEPENDENCIES
  pry
  pry-nav
  prybaby
  require_all

BUNDLED WITH
   1.12.5
